GIT
  remote: git://github.com/cloudfoundry/vmc-lib.git
  revision: 0094f73475f8d9bea0bc602f09e679ac5237ae59
  specs:
    cfoundry (0.4.19)
      cf-uaa-lib (~> 1.3.3)
      multi_json (~> 1.3)
      multipart-post (~> 1.1)
      rubyzip (~> 0.9)

GIT
  remote: git://github.com/cloudfoundry/vmc-plugins.git
  revision: b5ad0a0b3ccd535aab7a1503e9cbd9fad1d5f6d4
  specs:
    admin-vmc-plugin (0.0.5)
      cfoundry (~> 0.4.0)
    console-vmc-plugin (0.0.4)
      tunnel-vmc-plugin (~> 0.1.8)
    manifests-vmc-plugin (0.5.0)
      cfoundry (~> 0.4.0)
    mcf-vmc-plugin (0.0.1)
    tunnel-vmc-plugin (0.1.11)
      addressable (~> 2.2)
      caldecott-client (~> 0.0.2)
      cfoundry (~> 0.4.0)
      rest-client (~> 1.6)
      uuidtools (~> 2.1)

GIT
  remote: git://github.com/vito/clouseau.git
  revision: af05617556504c436901d43edc76f6578f363b83
  specs:
    clouseau (0.0.1)
      rubyzip (~> 0.9.9)

GIT
  remote: git://github.com/vito/interact.git
  revision: 18f1dd528ba933f60f38f16ae0974ddad8950e25
  specs:
    interact (0.5.1)

GIT
  remote: git://github.com/vito/mothership.git
  revision: 18ac405ac37ecef3e7437fa81b4122c715116e95
  specs:
    mothership (0.5.0)

GEM
  remote: http://rubygems.org/
  specs:
    addressable (2.3.2)
    caldecott-client (0.0.2)
      multi_json (~> 1.3)
    cf-uaa-lib (1.3.6)
      multi_json
    crack (0.3.2)
    diff-lcs (1.1.3)
    gem-release (0.4.1)
    json_pure (1.7.6)
    mime-types (1.19)
    multi_json (1.5.0)
    multipart-post (1.1.5)
    rake (10.0.3)
    rest-client (1.6.7)
      mime-types (>= 1.16)
    rr (1.0.4)
    rspec (2.12.0)
      rspec-core (~> 2.12.0)
      rspec-expectations (~> 2.12.0)
      rspec-mocks (~> 2.12.0)
    rspec-core (2.12.2)
    rspec-expectations (2.12.1)
      diff-lcs (~> 1.1.3)
    rspec-mocks (2.12.2)
    rubyzip (0.9.9)
    uuidtools (2.1.3)
    webmock (1.9.0)
      addressable (>= 2.2.7)
      crack (>= 0.1.7)

PLATFORMS
  ruby

DEPENDENCIES
  admin-vmc-plugin!
  cfoundry!
  clouseau!
  console-vmc-plugin!
  gem-release
  interact!
  json_pure (~> 1.6)
  manifests-vmc-plugin!
  mcf-vmc-plugin!
  mothership!
  multi_json (~> 1.3)
  rake
  rr (~> 1.0)
  rspec (~> 2.11)
  tunnel-vmc-plugin!
  webmock (~> 1.9)
