GEM
  remote: http://rubygems.org/
  specs:
    addressable (2.3.2)
    admin-vmc-plugin (0.0.5)
      cfoundry (~> 0.4.0)
    caldecott-client (0.0.2)
      multi_json (~> 1.3)
    cfoundry (0.4.19)
      multi_json (~> 1.3)
      multipart-post (~> 1.1)
      rubyzip (~> 0.9)
    clouseau (0.0.2)
      rubyzip (~> 0.9.9)
    console-vmc-plugin (0.0.4)
      tunnel-vmc-plugin (~> 0.1.8)
    crack (0.3.2)
    diff-lcs (1.1.3)
    gem-release (0.4.1)
    interact (0.5.1)
    json_pure (1.7.6)
    manifests-vmc-plugin (0.5.0)
      cfoundry (~> 0.4.0)
    mime-types (1.19)
    mothership (0.5.0)
    multi_json (1.5.0)
    multipart-post (1.1.5)
    rake (10.0.3)
    rest-client (1.6.7)
      mime-types (>= 1.16)
    rr (1.0.4)
    rspec (2.12.0)
      rspec-core (~> 2.12.0)
      rspec-expectations (~> 2.12.0)
      rspec-mocks (~> 2.12.0)
    rspec-core (2.12.2)
    rspec-expectations (2.12.1)
      diff-lcs (~> 1.1.3)
    rspec-mocks (2.12.2)
    rubyzip (0.9.9)
    tunnel-vmc-plugin (0.1.11)
      addressable (~> 2.2)
      caldecott-client (~> 0.0.2)
      cfoundry (~> 0.4.0)
      rest-client (~> 1.6)
      uuidtools (~> 2.1)
    uuidtools (2.1.3)
    webmock (1.9.0)
      addressable (>= 2.2.7)
      crack (>= 0.1.7)

PLATFORMS
  ruby

DEPENDENCIES
  admin-vmc-plugin
  cfoundry
  clouseau
  console-vmc-plugin
  gem-release
  interact
  json_pure (~> 1.6)
  manifests-vmc-plugin
  mothership
  multi_json (~> 1.3)
  rake
  rr (~> 1.0)
  rspec (~> 2.11)
  tunnel-vmc-plugin
  webmock (~> 1.9)
